PATH
  remote: .
  specs:
    schooling (0.0.1)
      redis (~> 4.1)

GEM
  remote: https://rubygems.org/
  specs:
    rake (10.5.0)
    redis (4.1.3)

PLATFORMS
  ruby

DEPENDENCIES
  bundler (~> 1.17)
  rake (~> 10.0)
  schooling!

BUNDLED WITH
   1.17.2
